GEM
  remote: https://rubygems.org/
  specs:
    addressable (2.4.0)
    coderay (1.1.1)
    concurrent-ruby (1.0.0)
    css_parser (1.3.7)
      addressable
    diff-lcs (1.2.5)
    htmlentities (4.3.4)
    mail (2.6.3)
      mime-types (>= 1.16, < 3)
    method_source (0.8.2)
    mime-types (2.99.1)
    mini_portile2 (2.0.0)
    nokogiri (1.6.7.2)
      mini_portile2 (~> 2.0.0.rc2)
    pakyow (0.10.2)
      bundler (~> 1.10)
      pakyow-core (= 0.10.2)
      pakyow-mailer (= 0.10.2)
      pakyow-presenter (= 0.10.2)
      pakyow-rake (= 0.10.2)
      pakyow-realtime (= 0.10.2)
      pakyow-support (= 0.10.2)
      pakyow-test (= 0.10.2)
      pakyow-ui (= 0.10.2)
    pakyow-core (0.10.2)
      pakyow-support (= 0.10.2)
      rack (~> 1.6)
    pakyow-mailer (0.10.2)
      mail (~> 2.6)
      pakyow-core (= 0.10.2)
      pakyow-presenter (= 0.10.2)
      pakyow-support (= 0.10.2)
      premailer (~> 1.8)
    pakyow-presenter (0.10.2)
      nokogiri (~> 1.6)
      pakyow-core (= 0.10.2)
      pakyow-support (= 0.10.2)
    pakyow-rake (0.10.2)
      pakyow-core (= 0.10.2)
      pakyow-presenter (= 0.10.2)
      pakyow-support (= 0.10.2)
      rake (~> 10.4)
    pakyow-realtime (0.10.2)
      concurrent-ruby (~> 1.0)
      pakyow-core (= 0.10.2)
      pakyow-support (= 0.10.2)
      redis (~> 3.2)
      websocket_parser (~> 1.0)
    pakyow-support (0.10.2)
    pakyow-test (0.10.2)
      pakyow-core (= 0.10.2)
      pakyow-mailer (= 0.10.2)
      pakyow-presenter (= 0.10.2)
      pakyow-support (= 0.10.2)
    pakyow-ui (0.10.2)
      pakyow-core (= 0.10.2)
      pakyow-presenter (= 0.10.2)
      pakyow-realtime (= 0.10.2)
      pakyow-support (= 0.10.2)
    premailer (1.8.6)
      css_parser (>= 1.3.6)
      htmlentities (>= 4.0.0)
    pry (0.10.3)
      coderay (~> 1.1.0)
      method_source (~> 0.8.1)
      slop (~> 3.4)
    puma (2.16.0)
    rack (1.6.4)
    rake (10.5.0)
    redis (3.2.2)
    rspec (3.4.0)
      rspec-core (~> 3.4.0)
      rspec-expectations (~> 3.4.0)
      rspec-mocks (~> 3.4.0)
    rspec-core (3.4.3)
      rspec-support (~> 3.4.0)
    rspec-expectations (3.4.0)
      diff-lcs (>= 1.2.0, < 2.0)
      rspec-support (~> 3.4.0)
    rspec-mocks (3.4.1)
      diff-lcs (>= 1.2.0, < 2.0)
      rspec-support (~> 3.4.0)
    rspec-support (3.4.1)
    slop (3.6.0)
    websocket_parser (1.0.0)

PLATFORMS
  ruby

DEPENDENCIES
  pakyow (~> 0.10)
  pry
  puma
  rspec
  thin

BUNDLED WITH
   1.11.2
